GEM
  remote: http://rubygems.org/
  specs:
    ZenTest (4.4.0)
    actionmailer (2.3.10)
      actionpack (= 2.3.10)
    actionpack (2.3.10)
      activesupport (= 2.3.10)
      rack (~> 1.1.0)
    activerecord (2.3.10)
      activesupport (= 2.3.10)
    activeresource (2.3.10)
      activesupport (= 2.3.10)
    activesupport (2.3.10)
    annotate (2.4.0)
    autotest (4.4.1)
    autotest-fsevent (0.2.3)
      sys-uname
    autotest-growl (0.2.6)
    autotest-rails (4.1.0)
      ZenTest
    babosa (0.2.0)
    builder (2.1.2)
    cancan (1.4.0)
    curb (0.7.8)
    devise (1.0.8)
      warden (~> 0.10.3)
    feedzirra (0.0.24)
      activesupport (>= 2.3.8)
      builder (>= 2.1.2)
      curb (>= 0.2.3)
      loofah (>= 0.3.1)
      nokogiri (> 0.0.0)
      sax-machine (>= 0.0.12)
    formtastic (1.1.0)
      actionpack (>= 2.3.0)
      activesupport (>= 2.3.0)
      i18n (>= 0.4.0)
    friendly_id (3.1.7)
      babosa (~> 0.2.0)
    haml (3.0.21)
    i18n (0.4.1)
    loofah (0.4.7)
      nokogiri (>= 1.3.3)
    nokogiri (1.4.3.1)
    rack (1.1.0)
    rails (2.3.10)
      actionmailer (= 2.3.10)
      actionpack (= 2.3.10)
      activerecord (= 2.3.10)
      activeresource (= 2.3.10)
      activesupport (= 2.3.10)
      rake (>= 0.8.3)
    rake (0.8.7)
    redgreen (1.2.2)
    sax-machine (0.0.15)
      nokogiri (> 0.0.0)
    shoulda (2.11.3)
    sqlite3-ruby (1.3.1)
    sys-uname (0.8.4)
    warden (0.10.7)
      rack (>= 1.0.0)

PLATFORMS
  ruby

DEPENDENCIES
  annotate
  autotest
  autotest-fsevent
  autotest-growl
  autotest-rails
  cancan
  devise (= 1.0.8)
  feedzirra
  formtastic (~> 1.1.0)
  friendly_id
  haml
  rails (= 2.3.10)
  redgreen
  shoulda
  sqlite3-ruby
  warden
