GIT
  remote: git://github.com/kjbekkelund/FeedFinder.git
  revision: ac121d6dbe88fa0d929ea488485edb335ddd8440
  specs:
    FeedFinder (0.2.0)

GEM
  remote: http://rubygems.org/
  specs:
    ZenTest (4.4.0)
    actionmailer (2.3.10)
      actionpack (= 2.3.10)
    actionpack (2.3.10)
      activesupport (= 2.3.10)
      rack (~> 1.1.0)
    activerecord (2.3.10)
      activesupport (= 2.3.10)
    activeresource (2.3.10)
      activesupport (= 2.3.10)
    activesupport (2.3.10)
    annotate (2.4.0)
    autotest-fsevent (0.2.3)
      sys-uname
    autotest-growl (0.2.6)
    autotest-rails (4.1.0)
      ZenTest
    babosa (0.2.0)
    builder (2.1.2)
    cancan (1.4.0)
    columnize (0.3.1)
    crack (0.1.8)
    curb (0.7.8)
    devise (1.0.8)
      warden (~> 0.10.3)
    feedzirra (0.0.24)
      activesupport (>= 2.3.8)
      builder (>= 2.1.2)
      curb (>= 0.2.3)
      loofah (>= 0.3.1)
      nokogiri (> 0.0.0)
      sax-machine (>= 0.0.12)
    ffaker (0.4.0)
    formtastic (1.1.0)
      actionpack (>= 2.3.0)
      activesupport (>= 2.3.0)
      i18n (>= 0.4.0)
    friendly_id (3.1.7)
      babosa (~> 0.2.0)
    haml (3.0.22)
    httparty (0.6.1)
      crack (= 0.1.8)
    i18n (0.4.1)
    linecache (0.43)
    loofah (0.4.7)
      nokogiri (>= 1.3.3)
    machinist (1.0.6)
    nokogiri (1.4.3.1)
    rack (1.1.0)
    rails (2.3.10)
      actionmailer (= 2.3.10)
      actionpack (= 2.3.10)
      activerecord (= 2.3.10)
      activeresource (= 2.3.10)
      activesupport (= 2.3.10)
      rake (>= 0.8.3)
    rake (0.8.7)
    rcov (0.9.9)
    redgreen (1.2.2)
    rr (1.0.0)
    ruby-debug (0.10.3)
      columnize (>= 0.1)
      ruby-debug-base (~> 0.10.3.0)
    ruby-debug-base (0.10.3)
      linecache (>= 0.3)
    sax-machine (0.0.15)
      nokogiri (> 0.0.0)
    shoulda (2.11.3)
    sqlite3-ruby (1.3.1)
    sys-uname (0.8.4)
    validates_url_format_of (0.1.0)
      activerecord (>= 2.3.4)
    warden (0.10.7)
      rack (>= 1.0.0)
    will_paginate (2.3.15)

PLATFORMS
  ruby

DEPENDENCIES
  FeedFinder!
  ZenTest
  annotate
  autotest-fsevent
  autotest-growl
  autotest-rails
  cancan
  devise (= 1.0.8)
  feedzirra
  ffaker
  formtastic (~> 1.1.0)
  friendly_id
  haml
  httparty
  machinist (~> 1.0)
  nokogiri
  rails (= 2.3.10)
  rcov
  redgreen
  rr
  ruby-debug
  shoulda
  sqlite3-ruby
  validates_url_format_of
  warden
  will_paginate
